PATH
  remote: /Users/nickcharlton/Desktop/omniauth-indieauth
  specs:
    omniauth-indieauth (0.1.0)
      faraday (~> 0.9.0)
      omniauth (~> 1.0)

GEM
  remote: https://rubygems.org/
  specs:
    faraday (0.9.0)
      multipart-post (>= 1.2, < 3)
    hashie (2.1.1)
    multipart-post (2.0.0)
    omniauth (1.2.1)
      hashie (>= 1.2, < 3)
      rack (~> 1.0)
    rack (1.5.2)
    rack-protection (1.5.3)
      rack
    shotgun (0.9)
      rack (>= 1.0)
    sinatra (1.4.5)
      rack (~> 1.4)
      rack-protection (~> 1.4)
      tilt (~> 1.3, >= 1.3.4)
    tilt (1.4.1)

PLATFORMS
  ruby

DEPENDENCIES
  omniauth
  omniauth-indieauth!
  shotgun
  sinatra
